GEM
  remote: https://rubygems.org/
  specs:
    activesupport (8.0.3)
      base64
      benchmark (>= 0.3)
      bigdecimal
      concurrent-ruby (~> 1.0, >= 1.3.1)
      connection_pool (>= 2.2.5)
      drb
      i18n (>= 1.6, < 2)
      logger (>= 1.4.2)
      minitest (>= 5.1)
      securerandom (>= 0.3)
      tzinfo (~> 2.0, >= 2.0.5)
      uri (>= 0.13.1)
    addressable (2.8.7)
      public_suffix (>= 2.0.2, < 7.0)
    base64 (0.3.0)
    benchmark (0.4.1)
    bigdecimal (3.3.1)
    bitly (3.0.0)
      oauth2 (>= 0.5.0, < 2.1)
    colorator (1.1.0)
    concurrent-ruby (1.3.5)
    connection_pool (2.5.4)
    csv (3.3.5)
    dotenv (2.8.1)
    drb (2.2.3)
    dry-core (1.0.2)
      concurrent-ruby (~> 1.0)
      logger
      zeitwerk (~> 2.6)
    em-websocket (0.5.3)
      eventmachine (>= 0.12.9)
      http_parser.rb (~> 0)
    eventmachine (1.2.7)
    faraday (2.14.0)
      faraday-net_http (>= 2.0, < 3.5)
      json
      logger
    faraday-net_http (3.4.1)
      net-http (>= 0.5.0)
    faraday-retry (2.3.2)
      faraday (~> 2.0)
    ffi (1.17.2-aarch64-linux-gnu)
    forwardable-extended (2.6.0)
    gemoji (4.1.0)
    google-protobuf (4.33.0-aarch64-linux-gnu)
      bigdecimal
      rake (>= 13)
    hashie (5.0.0)
    html-pipeline (2.14.3)
      activesupport (>= 2)
      nokogiri (>= 1.4)
    http_parser.rb (0.8.0)
    i18n (1.14.7)
      concurrent-ruby (~> 1.0)
    jekyll (4.4.1)
      addressable (~> 2.4)
      base64 (~> 0.2)
      colorator (~> 1.0)
      csv (~> 3.0)
      em-websocket (~> 0.5)
      i18n (~> 1.0)
      jekyll-sass-converter (>= 2.0, < 4.0)
      jekyll-watch (~> 2.0)
      json (~> 2.6)
      kramdown (~> 2.3, >= 2.3.1)
      kramdown-parser-gfm (~> 1.0)
      liquid (~> 4.0)
      mercenary (~> 0.3, >= 0.3.6)
      pathutil (~> 0.9)
      rouge (>= 3.0, < 5.0)
      safe_yaml (~> 1.0)
      terminal-table (>= 1.8, < 4.0)
      webrick (~> 1.7)
    jekyll-archives (2.3.0)
      jekyll (>= 3.6, < 5.0)
    jekyll-asciinema (0.2.1)
      jekyll (>= 2.0)
    jekyll-compose (0.12.0)
      jekyll (>= 3.7, < 5.0)
    jekyll-data (1.1.1)
      jekyll (>= 3.3, < 5.0.0)
    jekyll-dotenv (0.2.0)
      dotenv (~> 2.7)
      jekyll (~> 4)
    jekyll-feed (0.17.0)
      jekyll (>= 3.7, < 5.0)
    jekyll-gist (1.5.0)
      octokit (~> 4.2)
    jekyll-include-cache (0.2.1)
      jekyll (>= 3.7, < 5.0)
    jekyll-paginate (1.1.0)
    jekyll-sass-converter (3.1.0)
      sass-embedded (~> 1.75)
    jekyll-seo-tag (2.8.0)
      jekyll (>= 3.8, < 5.0)
    jekyll-sitemap (1.4.0)
      jekyll (>= 3.7, < 5.0)
    jekyll-tagging-related_posts (1.3.1)
      jekyll (>= 3.9, < 5.0)
    jekyll-target-blank (2.0.2)
      jekyll (>= 3.0, < 5.0)
      nokogiri (~> 1.10)
    jekyll-twitter-plugin (2.1.0)
    jekyll-watch (2.2.1)
      listen (~> 3.0)
    jekyll_bitly_next (1.0.0)
      bitly (~> 3.0.0)
      dry-core (~> 1.0.0)
    jekyll_include_plugin (1.3.0)
      jekyll (>= 3.5, < 5.0)
      liquid (~> 4.0)
    jekyll_picture_tag (2.1.3)
      addressable (~> 2.6)
      jekyll (~> 4.0)
      mime-types (~> 3.0)
      objective_elements (~> 1.1)
      rainbow (~> 3.0)
      ruby-vips (~> 2.2)
    jemoji (0.13.0)
      gemoji (>= 3, < 5)
      html-pipeline (~> 2.2)
      jekyll (>= 3.0, < 5.0)
    json (2.15.1)
    jwt (3.1.2)
      base64
    kramdown (2.5.1)
      rexml (>= 3.3.9)
    kramdown-parser-gfm (1.1.0)
      kramdown (~> 2.0)
    language_server-protocol (3.17.0.5)
    liquid (4.0.4)
    listen (3.9.0)
      rb-fsevent (~> 0.10, >= 0.10.3)
      rb-inotify (~> 0.9, >= 0.9.10)
    logger (1.7.0)
    mercenary (0.4.0)
    mime-types (3.7.0)
      logger
      mime-types-data (~> 3.2025, >= 3.2025.0507)
    mime-types-data (3.2025.0924)
    minimal-mistakes-jekyll (4.27.3)
      jekyll (>= 3.7, < 5.0)
      jekyll-feed (~> 0.1)
      jekyll-gist (~> 1.5)
      jekyll-include-cache (~> 0.1)
      jekyll-paginate (~> 1.1)
      jekyll-sitemap (~> 1.3)
    minitest (5.26.0)
    multi_xml (0.7.2)
      bigdecimal (~> 3.1)
    net-http (0.6.0)
      uri
    nokogiri (1.18.10-aarch64-linux-gnu)
      racc (~> 1.4)
    oauth2 (2.0.17)
      faraday (>= 0.17.3, < 4.0)
      jwt (>= 1.0, < 4.0)
      logger (~> 1.2)
      multi_xml (~> 0.5)
      rack (>= 1.2, < 4)
      snaky_hash (~> 2.0, >= 2.0.3)
      version_gem (~> 1.1, >= 1.1.9)
    objective_elements (1.1.2)
    octokit (4.25.1)
      faraday (>= 1, < 3)
      sawyer (~> 0.9)
    pathutil (0.16.2)
      forwardable-extended (~> 2.6)
    prism (1.6.0)
    public_suffix (6.0.2)
    racc (1.8.1)
    rack (3.2.3)
    rainbow (3.1.1)
    rake (13.3.0)
    rb-fsevent (0.11.2)
    rb-inotify (0.11.1)
      ffi (~> 1.0)
    rbs (3.9.5)
      logger
    rexml (3.4.4)
    rouge (4.6.1)
    ruby-lsp (0.26.1)
      language_server-protocol (~> 3.17.0)
      prism (>= 1.2, < 2.0)
      rbs (>= 3, < 5)
    ruby-vips (2.2.5)
      ffi (~> 1.12)
      logger
    safe_yaml (1.0.5)
    sass-embedded (1.93.2-aarch64-linux-gnu)
      google-protobuf (~> 4.31)
    sawyer (0.9.2)
      addressable (>= 2.3.5)
      faraday (>= 0.17.3, < 3)
    securerandom (0.4.1)
    snaky_hash (2.0.3)
      hashie (>= 0.1.0, < 6)
      version_gem (>= 1.1.8, < 3)
    terminal-table (3.0.2)
      unicode-display_width (>= 1.1.1, < 3)
    tzinfo (2.0.6)
      concurrent-ruby (~> 1.0)
    unicode-display_width (2.6.0)
    uri (1.0.4)
    version_gem (1.1.9)
    webrick (1.9.1)
    zeitwerk (2.7.3)

PLATFORMS
  aarch64-linux

DEPENDENCIES
  csv
  faraday-retry
  http_parser.rb
  jekyll
  jekyll-archives
  jekyll-asciinema
  jekyll-compose
  jekyll-data
  jekyll-dotenv
  jekyll-feed
  jekyll-gist
  jekyll-seo-tag
  jekyll-tagging-related_posts
  jekyll-target-blank
  jekyll-twitter-plugin
  jekyll_bitly_next
  jekyll_include_plugin
  jekyll_picture_tag
  jemoji
  minimal-mistakes-jekyll
  ruby-lsp
  tzinfo (>= 1, < 3)
  tzinfo-data
  wdm (~> 0.1.1)
  webrick

BUNDLED WITH
   2.4.19
